GEM
  remote: http://rubygems.org/
  specs:
    crack (0.4.2)
      safe_yaml (~> 1.0.0)
    json (1.8.1)
    json_pure (1.8.1)
    multi_json (1.9.3)
    oj (2.9.0)
    safe_yaml (1.0.3)
    yajl-ruby (1.2.0)

PLATFORMS
  ruby

DEPENDENCIES
  crack
  json
  json_pure
  multi_json
  oj
  yajl-ruby
